GEM
  remote: http://rubygems.org/
  specs:
    constructor (2.0.0)
    diff-lcs (1.3)
    diy (1.1.2)
      constructor (>= 1.0.0)
    rake (12.3.2)
    require_all (1.3.3)
    rr (1.1.2)
    rspec (3.8.0)
      rspec-core (~> 3.8.0)
      rspec-expectations (~> 3.8.0)
      rspec-mocks (~> 3.8.0)
    rspec-core (3.8.0)
      rspec-support (~> 3.8.0)
    rspec-expectations (3.8.2)
      diff-lcs (>= 1.2.0, < 2.0)
      rspec-support (~> 3.8.0)
    rspec-mocks (3.8.0)
      diff-lcs (>= 1.2.0, < 2.0)
      rspec-support (~> 3.8.0)
    rspec-support (3.8.0)
    thor (0.19.1)

PLATFORMS
  ruby
  x64-mingw32

DEPENDENCIES
  bundler (>= 1.3.5)
  constructor
  diy
  rake (>= 12.2.1)
  require_all
  rr
  rspec (~> 3.8)
  thor

BUNDLED WITH
   2.0.2
